GEM
  remote: https://rubygems.org/
  specs:
    byebug (3.5.1)
      columnize (~> 0.8)
      debugger-linecache (~> 1.2)
      slop (~> 3.6)
    childprocess (3.0.0)
    coderay (1.1.2)
    columnize (0.9.0)
    configuration (1.3.4)
    debugger-linecache (1.2.0)
    elasticsearch (7.3.0)
      elasticsearch-api (= 7.3.0)
      elasticsearch-transport (= 7.3.0)
    elasticsearch-api (7.3.0)
      multi_json
    elasticsearch-transport (7.3.0)
      faraday
      multi_json
    faraday (0.16.2)
      multipart-post (>= 1.2, < 3)
    method_source (0.9.2)
    mini_portile2 (2.4.0)
    multi_json (1.13.1)
    multipart-post (2.1.1)
    nokogiri (1.10.4)
      mini_portile2 (~> 2.4.0)
    pg (1.1.4)
    pry (0.12.2)
      coderay (~> 1.1.0)
      method_source (~> 0.9.0)
    pry-byebug (2.0.0)
      byebug (~> 3.4)
      pry (~> 0.10)
    regexp_parser (1.6.0)
    rubyzip (1.3.0)
    selenium-webdriver (3.142.6)
      childprocess (>= 0.5, < 4.0)
      rubyzip (>= 1.2.2)
    slop (3.6.0)
    watir (6.16.5)
      regexp_parser (~> 1.2)
      selenium-webdriver (~> 3.6)
    webdrivers (3.9.4)
      nokogiri (~> 1.6)
      rubyzip (~> 1.0)
      selenium-webdriver (~> 3.0)

PLATFORMS
  ruby

DEPENDENCIES
  configuration
  elasticsearch (~> 7.0)
  pg
  pry-byebug (~> 2.0.0)
  watir
  webdrivers (~> 3.2)

BUNDLED WITH
   2.1.4
